ObjectType = Image
NDims = 3
BinaryData = True
BinaryDataByteOrderMSB = False
CompressedData = False
TransformMatrix = 1 0 0 0 1 0 0 0 1
Offset = -226.30000000000001 -218 -310
CenterOfRotation = 0 0 0
AnatomicalOrientation = RAI
ElementSpacing = 0.8515620231628418 0.8515620231628418 1.25
DimSize = 512 512 257
ElementType = MET_SHORT
ElementDataFile = 1.3.6.1.4.1.14519.5.2.1.6279.6001.241717018262666382493757419144.raw
