ObjectType = Image
NDims = 3
BinaryData = True
BinaryDataByteOrderMSB = False
CompressedData = False
TransformMatrix = 1 0 0 0 1 0 0 0 1
Offset = -171 -39 -803.90002400000003
CenterOfRotation = 0 0 0
AnatomicalOrientation = RAI
ElementSpacing = 0.71484375 0.71484375 1
DimSize = 512 512 300
ElementType = MET_SHORT
ElementDataFile = 1.3.6.1.4.1.14519.5.2.1.6279.6001.315187221221054114974341475212.raw
