ObjectType = Image
NDims = 3
BinaryData = True
BinaryDataByteOrderMSB = False
CompressedData = False
TransformMatrix = 0.99999999999999989 0 0 0 0.99999999999999989 0 0 0 1
Offset = -222.59999999999999 -208 -285
CenterOfRotation = 0 0 0
AnatomicalOrientation = RAI
ElementSpacing = 0.7734379768371582 0.7734379768371582 1.25
DimSize = 512 512 241
ElementType = MET_SHORT
ElementDataFile = 1.3.6.1.4.1.14519.5.2.1.6279.6001.286217539434358186648717203667.raw
