ObjectType = Image
NDims = 3
BinaryData = True
BinaryDataByteOrderMSB = False
CompressedData = False
TransformMatrix = -1 0 0 0 -1 0 0 0 1
Offset = 168.10000600000001 150.39999399999999 -367.75
CenterOfRotation = 0 0 0
AnatomicalOrientation = LPI
ElementSpacing = 0.703125 0.703125 1.25
DimSize = 512 512 258
ElementType = MET_SHORT
ElementDataFile = 1.3.6.1.4.1.14519.5.2.1.6279.6001.414288023902112119945238126594.raw
