ObjectType = Image
NDims = 3
BinaryData = True
BinaryDataByteOrderMSB = False
CompressedData = False
TransformMatrix = 1 0 0 0 1 0 0 0 1
Offset = -250 -250 -310
CenterOfRotation = 0 0 0
AnatomicalOrientation = RAI
ElementSpacing = 0.9765620231628418 0.9765620231628418 2.5
DimSize = 512 512 117
ElementType = MET_SHORT
ElementDataFile = 1.3.6.1.4.1.14519.5.2.1.6279.6001.174168737938619557573021395302.raw
