ObjectType = Image
NDims = 3
BinaryData = True
BinaryDataByteOrderMSB = False
CompressedData = False
TransformMatrix = 1 0 0 0 1 0 0 0 1
Offset = -215.699997 -225 -335
CenterOfRotation = 0 0 0
AnatomicalOrientation = RAI
ElementSpacing = 0.8789060115814209 0.8789060115814209 1.25
DimSize = 512 512 277
ElementType = MET_SHORT
ElementDataFile = 1.3.6.1.4.1.14519.5.2.1.6279.6001.416701701108520592702405866796.raw
