ObjectType = Image
NDims = 3
BinaryData = True
BinaryDataByteOrderMSB = False
CompressedData = False
TransformMatrix = 1 0 0 0 1 0 0 0 1
Offset = -152.89554999999999 7.0348169800000004 755.80004899999994
CenterOfRotation = 0 0 0
AnatomicalOrientation = RAI
ElementSpacing = 0.564453125 0.564453125 1
DimSize = 512 512 280
ElementType = MET_SHORT
ElementDataFile = 1.3.6.1.4.1.14519.5.2.1.6279.6001.877026508860018521147620598474.raw
