ObjectType = Image
NDims = 3
BinaryData = True
BinaryDataByteOrderMSB = False
CompressedData = False
TransformMatrix = 0.99999999999999989 0 0 0 0.99999999999999989 0 0 0 1
Offset = -227.78711000000001 -102.02148200000001 -698.30004899999994
CenterOfRotation = 0 0 0
AnatomicalOrientation = RAI
ElementSpacing = 0.830078125 0.830078125 1
DimSize = 512 512 315
ElementType = MET_SHORT
ElementDataFile = 1.3.6.1.4.1.14519.5.2.1.6279.6001.117040183261056772902616195387.raw
