ObjectType = Image
NDims = 3
BinaryData = True
BinaryDataByteOrderMSB = False
CompressedData = False
TransformMatrix = 1 0 0 0 1 0 0 0 1
Offset = -179.1123046875 -370.1123046875 -401
CenterOfRotation = 0 0 0
AnatomicalOrientation = RAI
ElementSpacing = 0.775390625 0.775390625 1
DimSize = 512 512 333
ElementType = MET_SHORT
ElementDataFile = 1.3.6.1.4.1.14519.5.2.1.6279.6001.233433352108264931671753343044.raw
