ObjectType = Image
NDims = 3
BinaryData = True
BinaryDataByteOrderMSB = False
CompressedData = False
TransformMatrix = 1 0 0 0 1 0 0 0 1
Offset = -225.69999999999999 -220 -404
CenterOfRotation = 0 0 0
AnatomicalOrientation = RAI
ElementSpacing = 0.859375 0.859375 2.5
DimSize = 512 512 148
ElementType = MET_SHORT
ElementDataFile = 1.3.6.1.4.1.14519.5.2.1.6279.6001.330544495001617450666819906758.raw
