ObjectType = Image
NDims = 3
BinaryData = True
BinaryDataByteOrderMSB = False
CompressedData = False
TransformMatrix = 1 0 0 0 1 0 0 0 1
Offset = -210.800003 -175.5 -340
CenterOfRotation = 0 0 0
AnatomicalOrientation = RAI
ElementSpacing = 0.76367199420928955 0.76367199420928955 1.25
DimSize = 512 512 289
ElementType = MET_SHORT
ElementDataFile = 1.3.6.1.4.1.14519.5.2.1.6279.6001.168737928729363683423228050295.raw
