ObjectType = Image
NDims = 3
BinaryData = True
BinaryDataByteOrderMSB = False
CompressedData = False
TransformMatrix = 1 0 0 0 1 0 0 0 1
Offset = -127.5 -120 -350
CenterOfRotation = 0 0 0
AnatomicalOrientation = RAI
ElementSpacing = 0.546875 0.546875 2.5
DimSize = 512 512 131
ElementType = MET_SHORT
ElementDataFile = 1.3.6.1.4.1.14519.5.2.1.6279.6001.240630002689062442926543993263.raw
