ObjectType = Image
NDims = 3
BinaryData = True
BinaryDataByteOrderMSB = False
CompressedData = False
TransformMatrix = 1 0 0 0 1 0 0 0 1
Offset = -170 -170 -359
CenterOfRotation = 0 0 0
AnatomicalOrientation = RAI
ElementSpacing = 0.6640620231628418 0.6640620231628418 2.5
DimSize = 512 512 130
ElementType = MET_SHORT
ElementDataFile = 1.3.6.1.4.1.14519.5.2.1.6279.6001.669435869708883155232318480131.raw
