ObjectType = Image
NDims = 3
BinaryData = True
BinaryDataByteOrderMSB = False
CompressedData = False
TransformMatrix = 1 0 0 0 1 0 0 0 1
Offset = -193.5 -32.130368199999999 -564.40002400000003
CenterOfRotation = 0 0 0
AnatomicalOrientation = RAI
ElementSpacing = 0.626953125 0.626953125 0.45000001788139343
DimSize = 512 512 590
ElementType = MET_SHORT
ElementDataFile = 1.3.6.1.4.1.14519.5.2.1.6279.6001.247816269490470394602288565775.raw
