ObjectType = Image
NDims = 3
BinaryData = True
BinaryDataByteOrderMSB = False
CompressedData = False
TransformMatrix = 1 0 0 0 1 0 0 0 1
Offset = -183.60000600000001 -192.5 -357.72000100000002
CenterOfRotation = 0 0 0
AnatomicalOrientation = RAI
ElementSpacing = 0.75195300579071045 0.75195300579071045 1.25
DimSize = 512 512 267
ElementType = MET_SHORT
ElementDataFile = 1.3.6.1.4.1.14519.5.2.1.6279.6001.329624439086643515259182406526.raw
