ObjectType = Image
NDims = 3
BinaryData = True
BinaryDataByteOrderMSB = False
CompressedData = False
TransformMatrix = 1 0 0 0 1 0 0 0 1
Offset = -171.5 -152.5 -330
CenterOfRotation = 0 0 0
AnatomicalOrientation = RAI
ElementSpacing = 0.66992199420928955 0.66992199420928955 1.25
DimSize = 512 512 265
ElementType = MET_SHORT
ElementDataFile = 1.3.6.1.4.1.14519.5.2.1.6279.6001.338447145504282422142824032832.raw
