ObjectType = Image
NDims = 3
BinaryData = True
BinaryDataByteOrderMSB = False
CompressedData = False
TransformMatrix = 1 0 0 0 1 0 0 0 1
Offset = -153.39999399999999 -152.39999399999999 -300
CenterOfRotation = 0 0 0
AnatomicalOrientation = RAI
ElementSpacing = 0.609375 0.609375 1.25
DimSize = 512 512 241
ElementType = MET_SHORT
ElementDataFile = 1.3.6.1.4.1.14519.5.2.1.6279.6001.292194861362266467652267941663.raw
