ObjectType = Image
NDims = 3
BinaryData = True
BinaryDataByteOrderMSB = False
CompressedData = False
TransformMatrix = 1 0 0 0 1 0 0 0 1
Offset = -146.699997 -145 -290.05999800000001
CenterOfRotation = 0 0 0
AnatomicalOrientation = RAI
ElementSpacing = 0.6054689884185791 0.6054689884185791 1.25
DimSize = 512 512 230
ElementType = MET_SHORT
ElementDataFile = 1.3.6.1.4.1.14519.5.2.1.6279.6001.315770913282450940389971401304.raw
