ObjectType = Image
NDims = 3
BinaryData = True
BinaryDataByteOrderMSB = False
CompressedData = False
TransformMatrix = 1 0 0 0 1 0 0 0 1
Offset = -236.89999399999999 -233 -325
CenterOfRotation = 0 0 0
AnatomicalOrientation = RAI
ElementSpacing = 0.9101560115814209 0.9101560115814209 1.25
DimSize = 512 512 261
ElementType = MET_SHORT
ElementDataFile = 1.3.6.1.4.1.14519.5.2.1.6279.6001.290410217650314119074833254861.raw
